PATH
  remote: .
  specs:
    rkelly (1.0.6.20130515120751)

GEM
  remote: https://rubygems.org/
  specs:
    hoe (3.6.1)
      rake (>= 0.8, < 11.0)
    json (1.8.0)
    racc (1.4.9)
    rake (10.0.4)
    rdoc (4.0.1)
      json (~> 1.4)

PLATFORMS
  ruby

DEPENDENCIES
  hoe (~> 3.6)
  racc (~> 1.4.9)
  rdoc (~> 4.0)
  rkelly!
