PATH
  remote: .
  specs:
    rkelly (1.0.6.20130515120751)

GEM
  remote: https://rubygems.org/
  specs:
    coderay (1.0.9)
    columnize (0.3.6)
    debugger (1.6.0)
      columnize (>= 0.3.1)
      debugger-linecache (~> 1.2.0)
      debugger-ruby_core_source (~> 1.2.1)
    debugger-linecache (1.2.0)
    debugger-ruby_core_source (1.2.1)
    hoe (3.6.1)
      rake (>= 0.8, < 11.0)
    json (1.8.0)
    method_source (0.8.1)
    pry (0.9.12.2)
      coderay (~> 1.0.5)
      method_source (~> 0.8)
      slop (~> 3.4)
    pry-debugger (0.2.2)
      debugger (~> 1.3)
      pry (~> 0.9.10)
    racc (1.4.9)
    rake (10.0.4)
    rdoc (4.0.1)
      json (~> 1.4)
    slop (3.4.5)

PLATFORMS
  ruby

DEPENDENCIES
  hoe (~> 3.6)
  pry
  pry-debugger
  racc (~> 1.4.9)
  rdoc (~> 4.0)
  rkelly!
